GEM
  remote: http://rubygems.org/
  specs:
    activesupport (3.2.9)
      i18n (~> 0.6)
      multi_json (~> 1.0)
    diff-lcs (1.1.3)
    facets (2.9.3)
    fattr (2.2.1)
    git (1.2.5)
    hpricot (0.8.4)
    i18n (0.6.1)
    jeweler (1.8.4)
      bundler (~> 1.0)
      git (>= 1.2.5)
      rake
      rdoc
    json (1.7.6)
    mharris_ext (1.6.0)
      facets
      fattr
    multi_json (1.5.0)
    rake (10.0.3)
    rcov (0.9.9)
    rdoc (3.12)
      json (~> 1.4)
    rspec (2.8.0)
      rspec-core (~> 2.8.0)
      rspec-expectations (~> 2.8.0)
      rspec-mocks (~> 2.8.0)
    rspec-core (2.8.0)
    rspec-expectations (2.8.0)
      diff-lcs (~> 1.1.2)
    rspec-mocks (2.8.0)
    sqlite3 (1.3.6)

PLATFORMS
  ruby

DEPENDENCIES
  activesupport
  bundler (~> 1.2)
  hpricot
  jeweler (~> 1.8.4)
  mharris_ext
  rcov
  rdoc (~> 3.12)
  rspec (~> 2.8.0)
  sqlite3
